PATH
  remote: .
  specs:
    sack (0.0.1)
      deterministic (= 0.16.0)

GEM
  remote: https://rubygems.org/
  specs:
    deterministic (0.16.0)
    sqlite3 (1.3.10)

PLATFORMS
  ruby

DEPENDENCIES
  sack!
  sqlite3

BUNDLED WITH
   1.11.2
