PATH
  remote: .
  specs:
    sack (0.0.1)
      deterministic (= 0.15.1)

GEM
  remote: https://rubygems.org/
  specs:
    deterministic (0.15.1)
    sqlite3 (1.3.10)

PLATFORMS
  ruby

DEPENDENCIES
  sack!
  sqlite3
